PATH
  remote: .
  specs:
    brainfuck (0.1.0)

GEM
  remote: https://rubygems.org/
  specs:
    ast (2.3.0)
    minitest (5.9.0)
    parser (2.3.3.1)
      ast (~> 2.2)
    powerpack (0.1.1)
    rainbow (2.2.1)
    rake (10.5.0)
    rubocop (0.46.0)
      parser (>= 2.3.1.1, < 3.0)
      powerpack (~> 0.1)
      rainbow (>= 1.99.1, < 3.0)
      ruby-progressbar (~> 1.7)
      unicode-display_width (~> 1.0, >= 1.0.1)
    ruby-progressbar (1.8.1)
    unicode-display_width (1.1.2)

PLATFORMS
  ruby

DEPENDENCIES
  brainfuck!
  bundler (~> 1.11)
  minitest (~> 5.0)
  rake (~> 10.0)
  rubocop (~> 0.46.0)

BUNDLED WITH
   1.11.2
