PATH
  remote: .
  specs:
    brainfuck (0.1.0)

GEM
  remote: https://rubygems.org/
  specs:
    minitest (5.9.0)
    rake (10.5.0)

PLATFORMS
  ruby

DEPENDENCIES
  brainfuck!
  bundler (~> 1.11)
  minitest (~> 5.0)
  rake (~> 10.0)

BUNDLED WITH
   1.11.2
