GEM
  remote: https://rubygems.org/
  specs:
    minitest (5.9.0)
    rake (12.0.0)

PLATFORMS
  ruby

DEPENDENCIES
  minitest
  rake

BUNDLED WITH
   1.11.2
